PATH
  remote: .
  specs:
    micronaut (0.4.0)
      rspec-expectations

GEM
  remote: https://rubygems.org/
  specs:
    coderay (1.0.6)
    diff-lcs (1.1.3)
    ffi (1.0.11)
    guard (1.0.3)
      ffi (>= 0.5.0)
      thor (>= 0.14.6)
    metaclass (0.0.1)
    method_source (0.7.1)
    mocha (0.10.5)
      metaclass (~> 0.0.1)
    pry (0.9.9.6)
      coderay (~> 1.0.5)
      method_source (~> 0.7.1)
      slop (>= 2.4.4, < 3)
    rspec-expectations (2.10.0)
      diff-lcs (~> 1.1.3)
    slop (2.4.4)
    thor (0.15.2)

PLATFORMS
  ruby

DEPENDENCIES
  guard (~> 1.0.0)
  micronaut!
  mocha (~> 0.10.5)
  pry
